PATH
  remote: .
  specs:
    snp (0.1.rc0)
      slop

GEM
  remote: http://rubygems.org/
  specs:
    metaclass (0.0.1)
    mocha (0.14.0)
      metaclass (~> 0.0.1)
    rake (10.0.4)
    slop (3.4.5)

PLATFORMS
  ruby

DEPENDENCIES
  mocha
  rake
  snp!
